GEM
  remote: http://rubygems.org/
  specs:
    chunky_png (1.2.5)
    compass (0.11.7)
      chunky_png (~> 1.2)
      fssm (>= 0.2.7)
      sass (~> 3.1)
    fssm (0.2.8.1)
    grid-coordinates (1.1.9)
      compass (>= 0.11.5)
    haml (3.1.4)
    kramdown (0.13.5)
    rack (1.4.1)
    rack-protection (1.2.0)
      rack
    rake (12.3.3)
    sass (3.1.15)
    shotgun (0.9)
      rack (>= 1.0)
    sinatra (1.3.2)
      rack (~> 1.3, >= 1.3.6)
      rack-protection (~> 1.2)
      tilt (~> 1.3, >= 1.3.3)
    tilt (1.3.3)

PLATFORMS
  ruby

DEPENDENCIES
  compass (~> 0.11.1)
  grid-coordinates (~> 1.1.4)
  haml (~> 3.1.1)
  kramdown
  rake
  sass (~> 3.1.1)
  shotgun (~> 0.9)
  sinatra
