GEM
  remote: http://rubygems.org/
  specs:
    chunky_png (1.2.5)
    compass (0.11.7)
      chunky_png (~> 1.2)
      fssm (>= 0.2.7)
      sass (~> 3.1)
    fssm (0.2.8.1)
    grid-coordinates (1.1.9)
      compass (>= 0.11.5)
    haml (3.1.4)
    kramdown (0.13.5)
    mustermann (1.1.1)
      ruby2_keywords (~> 0.0.1)
    rack (2.2.3)
    rack-protection (2.2.0)
      rack
    rake (0.9.2.2)
    ruby2_keywords (0.0.5)
    sass (3.1.15)
    shotgun (0.9)
      rack (>= 1.0)
    sinatra (2.2.0)
      mustermann (~> 1.0)
      rack (~> 2.2)
      rack-protection (= 2.2.0)
      tilt (~> 2.0)
    tilt (2.0.10)

PLATFORMS
  ruby

DEPENDENCIES
  compass (~> 0.11.1)
  grid-coordinates (~> 1.1.4)
  haml (~> 3.1.1)
  kramdown
  rake
  sass (~> 3.1.1)
  shotgun (~> 0.9)
  sinatra
