GEM
  remote: http://rubygems.org/
  specs:
    chunky_png (1.2.0)
    compass (0.11.1)
      chunky_png (~> 1.1)
      fssm (>= 0.2.7)
      sass (~> 3.1)
    fssm (0.2.7)
    grid-coordinates (1.1.4)
      compass (>= 0.10.5)
    haml (3.1.1)
    rack (1.3.0)
    sass (3.1.2)
    shotgun (0.9)
      rack (>= 1.0)
    sinatra (1.2.6)
      rack (~> 1.1)
      tilt (< 2.0, >= 1.2.2)
    tilt (1.3.2)

PLATFORMS
  ruby

DEPENDENCIES
  compass (~> 0.11.1)
  grid-coordinates (~> 1.1.4)
  haml (~> 3.1.1)
  sass (~> 3.1.1)
  shotgun (~> 0.9)
  sinatra (~> 1.2.3)
